GEM
  remote: https://rubygems.org/
  specs:
    rmagick (3.2.0)

PLATFORMS
  ruby

DEPENDENCIES
  rmagick

BUNDLED WITH
   2.0.1
